GEM
  remote: https://rubygems.org/
  specs:
    artii (2.1.1)
    rack (1.6.4)
    rack-protection (1.5.3)
      rack
    sinatra (1.4.6)
      rack (~> 1.4)
      rack-protection (~> 1.4)
      tilt (>= 1.3, < 3)
    tilt (2.0.2)

PLATFORMS
  ruby

DEPENDENCIES
  artii
  sinatra

BUNDLED WITH
   1.11.2
